PATH
  remote: .
  specs:
    opengl (0.11.0)

GEM
  remote: https://rubygems.org/
  specs:
    glu2 (8.4.0)
    glut2 (8.4.0)
    minitest (5.25.1)
    rake (13.2.1)
    rake-compiler (1.2.7)
      rake
    rake-compiler-dock (0.6.3)

PLATFORMS
  ruby
  x86_64-linux

DEPENDENCIES
  bundler
  glu2
  glut2
  minitest (~> 5.3)
  opengl!
  rake
  rake-compiler (~> 1.0)
  rake-compiler-dock (~> 0.6.0)

BUNDLED WITH
   2.5.18
